GEM
  specs:
    dry-initializer (3.0.1)

PLATFORMS
  ruby

DEPENDENCIES
  dry-initializer

RUBY VERSION
   ruby 2.7.0p0

BUNDLED WITH
   2.1.4
